GEM
  remote: http://rubygems.org/
  specs:
    cinch (2.0.12)
    mini_portile (0.5.2)
    nokogiri (1.6.1)
      mini_portile (~> 0.5.0)
    wolfram (0.2.1)
      nokogiri (>= 1.4.3)

PLATFORMS
  ruby

DEPENDENCIES
  cinch
  wolfram
