GEM
  remote: http://rubygems.org/
  specs:
    cinch (2.1.0)
    mini_portile (0.6.1)
    nokogiri (1.6.5)
      mini_portile (~> 0.6.0)
    wolfram (0.2.1)
      nokogiri (>= 1.4.3)

PLATFORMS
  ruby

DEPENDENCIES
  cinch
  wolfram
